PATH
  remote: .
  specs:
    septa (1.0.2)

GEM
  remote: http://rubygems.org/
  specs:
    addressable (2.2.6)
    awesome_print (1.0.2)
    diff-lcs (1.1.3)
    fattr (2.2.0)
    httpauth (0.1)
    json (1.5.4)
    options (2.3.0)
      fattr
    rake (0.9.2.2)
    resourceful (1.0.1)
      addressable (>= 2.1.0)
      httpauth
      options (>= 2.1.1)
    rspec (2.8.0)
      rspec-core (~> 2.8.0)
      rspec-expectations (~> 2.8.0)
      rspec-mocks (~> 2.8.0)
    rspec-core (2.8.0)
    rspec-expectations (2.8.0)
      diff-lcs (~> 1.1.2)
    rspec-mocks (2.8.0)

PLATFORMS
  ruby

DEPENDENCIES
  awesome_print
  json
  rake
  resourceful
  rspec
  septa!
