PATH
  remote: .
  specs:
    septa-ruby (0.0.1)

GEM
  remote: http://rubygems.org/
  specs:
    addressable (2.2.6)
    fattr (2.2.0)
    httpauth (0.1)
    json (1.5.4)
    options (2.3.0)
      fattr
    resourceful (1.0.1)
      addressable (>= 2.1.0)
      httpauth
      options (>= 2.1.1)

PLATFORMS
  ruby

DEPENDENCIES
  json
  resourceful
  septa-ruby!
